PATH
  remote: .
  specs:
    dory (0.0.1)
      colorize (~> 0.7)
      ptools (~> 1.3)
      thor (~> 0.19)

GEM
  remote: https://rubygems.org/
  specs:
    byebug (4.0.5)
      columnize (= 0.9.0)
    colorize (0.7.7)
    columnize (0.9.0)
    diff-lcs (1.2.5)
    ptools (1.3.3)
    rake (10.5.0)
    rspec (3.4.0)
      rspec-core (~> 3.4.0)
      rspec-expectations (~> 3.4.0)
      rspec-mocks (~> 3.4.0)
    rspec-core (3.4.3)
      rspec-support (~> 3.4.0)
    rspec-expectations (3.4.0)
      diff-lcs (>= 1.2.0, < 2.0)
      rspec-support (~> 3.4.0)
    rspec-mocks (3.4.1)
      diff-lcs (>= 1.2.0, < 2.0)
      rspec-support (~> 3.4.0)
    rspec-support (3.4.1)
    thor (0.19.1)

PLATFORMS
  ruby

DEPENDENCIES
  byebug (~> 4.0)
  dory!
  rake (~> 10.5)
  rspec (~> 3.4)

BUNDLED WITH
   1.11.2
